GEM
  remote: https://rubygems.org/
  specs:
    actionmailer (3.2.22)
      actionpack (= 3.2.22)
      mail (~> 2.5.4)
    actionpack (3.2.22)
      activemodel (= 3.2.22)
      activesupport (= 3.2.22)
      builder (~> 3.0.0)
      erubis (~> 2.7.0)
      journey (~> 1.0.4)
      rack (~> 1.4.5)
      rack-cache (~> 1.2)
      rack-test (~> 0.6.1)
      sprockets (~> 2.2.1)
    activemodel (3.2.22)
      activesupport (= 3.2.22)
      builder (~> 3.0.0)
    activerecord (3.2.22)
      activemodel (= 3.2.22)
      activesupport (= 3.2.22)
      arel (~> 3.0.2)
      tzinfo (~> 0.3.29)
    activeresource (3.2.22)
      activemodel (= 3.2.22)
      activesupport (= 3.2.22)
    activesupport (3.2.22)
      i18n (~> 0.6, >= 0.6.4)
      multi_json (~> 1.0)
    acts_as_paranoid (0.4.2)
      activerecord (~> 3.2)
    airbrake (4.1.0)
      builder
      multi_json
    arel (3.0.3)
    aws-s3 (0.6.3)
      builder
      mime-types
      xml-simple
    bcrypt (3.1.7)
    builder (3.0.4)
    clockwork (0.7.5)
      activesupport
      tzinfo
    coffee-rails (3.2.2)
      coffee-script (>= 2.2.0)
      railties (~> 3.2.0)
    coffee-script (2.2.0)
      coffee-script-source
      execjs
    coffee-script-source (1.7.0)
    delayed_job (4.0.1)
      activesupport (>= 3.0, < 4.2)
    delayed_job_active_record (4.0.1)
      activerecord (>= 3.0, < 4.2)
      delayed_job (>= 3.0, < 4.1)
    devise (3.2.4)
      bcrypt (~> 3.0)
      orm_adapter (~> 0.1)
      railties (>= 3.2.6, < 5)
      thread_safe (~> 0.1)
      warden (~> 1.2.3)
    erubis (2.7.0)
    execjs (2.0.2)
    faraday (0.9.0)
      multipart-post (>= 1.2, < 3)
    figaro (1.0.0)
      thor (~> 0.14)
    friendly_id (4.0.10.1)
      activerecord (>= 3.0, < 4.0)
    geocoder (1.2.0)
    gon (5.0.4)
      actionpack (>= 2.3.0)
      json
    haml (4.0.5)
      tilt
    haml-rails (0.4)
      actionpack (>= 3.1, < 4.1)
      activesupport (>= 3.1, < 4.1)
      haml (>= 3.1, < 4.1)
      railties (>= 3.1, < 4.1)
    hashie (2.1.1)
    hike (1.2.3)
    i18n (0.7.0)
    journey (1.0.4)
    jquery-rails (3.1.0)
      railties (>= 3.0, < 5.0)
      thor (>= 0.14, < 2.0)
    jquery-ui-rails (4.2.1)
      railties (>= 3.2.16)
    json (1.8.3)
    jwt (0.1.11)
      multi_json (>= 1.5)
    kgio (2.9.2)
    mail (2.5.4)
      mime-types (~> 1.16)
      treetop (~> 1.4.8)
    mime-types (1.25.1)
    multi_json (1.11.2)
    multi_xml (0.5.5)
    multipart-post (2.0.0)
    newrelic_rpm (3.8.0.218)
    oauth (0.4.7)
    oauth2 (0.9.3)
      faraday (>= 0.8, < 0.10)
      jwt (~> 0.1.8)
      multi_json (~> 1.3)
      multi_xml (~> 0.5)
      rack (~> 1.2)
    omniauth (1.2.1)
      hashie (>= 1.2, < 3)
      rack (~> 1.0)
    omniauth-facebook (1.6.0)
      omniauth-oauth2 (~> 1.1)
    omniauth-oauth (1.0.1)
      oauth
      omniauth (~> 1.0)
    omniauth-oauth2 (1.1.2)
      faraday (>= 0.8, < 0.10)
      multi_json (~> 1.3)
      oauth2 (~> 0.9.3)
      omniauth (~> 1.2)
    omniauth-twitter (1.0.1)
      multi_json (~> 1.3)
      omniauth-oauth (~> 1.0)
    orm_adapter (0.5.0)
    pg (0.17.1)
    polyglot (0.3.5)
    rack (1.4.7)
    rack-cache (1.5.1)
      rack (>= 0.4)
    rack-ssl (1.3.4)
      rack
    rack-test (0.6.3)
      rack (>= 1.0)
    rails (3.2.22)
      actionmailer (= 3.2.22)
      actionpack (= 3.2.22)
      activerecord (= 3.2.22)
      activeresource (= 3.2.22)
      activesupport (= 3.2.22)
      bundler (~> 1.0)
      railties (= 3.2.22)
    rails_12factor (0.0.2)
      rails_serve_static_assets
      rails_stdout_logging
    rails_autolink (1.1.5)
      rails (> 3.1)
    rails_serve_static_assets (0.0.2)
    rails_stdout_logging (0.0.3)
    railties (3.2.22)
      actionpack (= 3.2.22)
      activesupport (= 3.2.22)
      rack-ssl (~> 1.3.2)
      rake (>= 0.8.7)
      rdoc (~> 3.4)
      thor (>= 0.14.6, < 2.0)
    raindrops (0.13.0)
    rake (10.3.2)
    ranked-model (0.4.0)
      activerecord (>= 3.1.12)
    rdoc (3.12.2)
      json (~> 1.4)
    sass (3.4.6)
    sass-rails (3.2.6)
      railties (~> 3.2.0)
      sass (>= 3.1.10)
      tilt (~> 1.3)
    sprockets (2.2.3)
      hike (~> 1.2)
      multi_json (~> 1.0)
      rack (~> 1.0)
      tilt (~> 1.1, != 1.3.0)
    thor (0.19.1)
    thread_safe (0.3.3)
    tilt (1.4.1)
    treetop (1.4.15)
      polyglot
      polyglot (>= 0.3.1)
    tzinfo (0.3.45)
    uglifier (2.5.0)
      execjs (>= 0.3.0)
      json (>= 1.8.0)
    unicorn (4.8.2)
      kgio (~> 2.6)
      rack
      raindrops (~> 0.7)
    warden (1.2.3)
      rack (>= 1.0)
    will_paginate (3.0.5)
    xml-simple (1.1.3)

PLATFORMS
  ruby

DEPENDENCIES
  acts_as_paranoid (~> 0.4.0)
  airbrake
  aws-s3
  clockwork
  coffee-rails (~> 3.2.1)
  delayed_job_active_record
  devise
  faraday
  figaro
  friendly_id (~> 4.0.10)
  geocoder
  gon
  haml-rails (~> 0.4.0)
  jquery-rails
  jquery-ui-rails
  multi_json
  newrelic_rpm
  omniauth
  omniauth-facebook
  omniauth-twitter
  pg
  rails (= 3.2.22)
  rails_12factor
  rails_autolink
  rake (~> 10.3.1)
  ranked-model
  sass-rails (~> 3.2.3)
  uglifier (>= 1.0.3)
  unicorn
  will_paginate (~> 3.0)

BUNDLED WITH
   1.10.6
